GIT
  remote: git://github.com/clearwater-rb/clearwater.git
  revision: f5bde1fdc584d3ea9d9ad653e998073f91118ed4
  specs:
    clearwater (0.1.2)
      opal (~> 0.7)
      opal-browser

PATH
  remote: ../opal
  specs:
    opal (0.8.0)
      hike (~> 1.2)
      sourcemap (~> 0.1.0)
      sprockets (~> 3.1)
      tilt (>= 1.4)

GEM
  remote: https://rubygems.org/
  specs:
    grand_central (0.1.1)
      opal (~> 0.8)
    hike (1.2.3)
    opal-browser (0.2.0)
      opal
      paggio
    paggio (0.2.4)
    rack (1.6.4)
    roda (2.5.1)
      rack
    sourcemap (0.1.1)
    sprockets (3.3.4)
      rack (~> 1.0)
    tilt (2.0.1)

PLATFORMS
  ruby

DEPENDENCIES
  clearwater!
  grand_central
  opal!
  roda

BUNDLED WITH
   1.10.6
