GIT
  remote: git://github.com/clearwater-rb/clearwater.git
  revision: ec1df850b31e203cd1a251b19c81bfb70ade41de
  specs:
    clearwater (0.0.1)
      opal (~> 0.7.0)
      opal-browser

GIT
  remote: git://github.com/opal/opal-browser.git
  revision: 02a913f7cf416b39608fbafb216cfe2aeee39afd
  specs:
    opal-browser (0.2.0.beta1)
      opal
      paggio

GEM
  remote: https://rubygems.org/
  specs:
    hike (1.2.3)
    multi_json (1.11.0)
    opal (0.7.2)
      hike (~> 1.2)
      sourcemap (~> 0.1.0)
      sprockets (>= 2.2.3, < 3.0.0)
      tilt (~> 1.4)
    paggio (0.2.4)
    rack (1.6.1)
    rack-protection (1.5.3)
      rack
    sinatra (1.4.6)
      rack (~> 1.4)
      rack-protection (~> 1.4)
      tilt (>= 1.3, < 3)
    sourcemap (0.1.1)
    sprockets (2.12.3)
      hike (~> 1.2)
      multi_json (~> 1.0)
      rack (~> 1.0)
      tilt (~> 1.1, != 1.3.0)
    tilt (1.4.1)

PLATFORMS
  ruby

DEPENDENCIES
  clearwater!
  opal-browser!
  sinatra
