GEM
  remote: https://rubygems.org/
  specs:
    bowser (0.1.6)
      opal (>= 0.8.0, < 0.11.0)
    clearwater (1.0.0.rc1)
      bowser (~> 0.1.5)
      opal (~> 0.7)
    concurrent-ruby (1.0.1)
    grand_central (0.2.0)
      opal (~> 0.7)
    hike (1.2.3)
    opal (0.9.2)
      hike (~> 1.2)
      sourcemap (~> 0.1.0)
      sprockets (~> 3.1)
      tilt (>= 1.4)
    rack (1.6.4)
    roda (2.11.0)
      rack
    sourcemap (0.1.1)
    sprockets (3.5.2)
      concurrent-ruby (~> 1.0)
      rack (> 1, < 3)
    tilt (2.0.2)

PLATFORMS
  ruby

DEPENDENCIES
  clearwater (~> 1.0.0.rc1)
  grand_central
  opal
  roda

BUNDLED WITH
   1.12.5
